GEM
  remote: https://rubygems.org/
  specs:
    faker (1.6.6)
      i18n (~> 0.5)
    hash_dot (2.0.3)
    i18n (0.7.0)
    mysql2 (0.4.5)
    sequel (4.40.0)
    sqlite3 (1.3.12)

PLATFORMS
  ruby

DEPENDENCIES
  faker
  hash_dot
  mysql2
  sequel
  sqlite3

BUNDLED WITH
   1.13.6
